RESTRICTION: == net45
NUGET
  remote: https://vrvis.myget.org/F/aardvark_public
    Aardvark.Application (3.2.5)
      Aardvark.Base.Incremental (>= 3.0.20 < 3.1)
      Aardvark.Base.Rendering (>= 3.2.5)
      FShade.Core (>= 3.2.1 < 3.3)
    Aardvark.Application.WinForms (3.2.5)
      Aardvark.Application (>= 3.2.5)
      Aardvark.Base.Incremental (>= 3.0.20 < 3.1)
      Aardvark.Base.Rendering (>= 3.2.5)
      FShade.Core (>= 3.2.1 < 3.3)
    Aardvark.Application.WinForms.GL (3.2.5)
      Aardvark.Application (>= 3.2.5)
      Aardvark.Application.WinForms (>= 3.2.5)
      Aardvark.Base.Incremental (>= 3.0.20 < 3.1)
      Aardvark.Base.Rendering (>= 3.2.5)
      Aardvark.Base.Runtime (>= 3.0.20 < 3.1)
      Aardvark.Rendering.GL (>= 3.2.5)
      FShade.Core (>= 3.2.1 < 3.3)
    Aardvark.Base.Essentials (3.0.28)
      Aardvark.Base (>= 3.0.28)
      System.Collections.Immutable (>= 1.2)
      System.Reactive.Linq (>= 3.0 < 3.1)
    Aardvark.Base.Incremental (3.0.28)
      Aardvark.Base (>= 3.0.28)
      Aardvark.Base.Essentials (>= 3.0.28)
      Aardvark.Base.FSharp (>= 3.0.28)
      System.Reactive.Core (>= 3.0 < 3.1)
      System.Reactive.Interfaces (>= 3.0 < 3.1)
      System.Reactive.Linq (>= 3.0 < 3.1)
    Aardvark.Base.Rendering (3.2.5)
      Aardvark.Base.Incremental (>= 3.0.20 < 3.1)
      FShade.Core (>= 3.2.1 < 3.3)
    Aardvark.Base.Runtime (3.0.28)
      Aardvark.Base (>= 3.0.28)
      Aardvark.Base.Essentials (>= 3.0.28)
      Aardvark.Base.FSharp (>= 3.0.28)
      Aardvark.Base.Incremental (>= 3.0.28)
      System.Reactive.Core (>= 3.0 < 3.1)
      System.Reactive.Interfaces (>= 3.0 < 3.1)
      System.Reactive.Linq (>= 3.0 < 3.1)
    Aardvark.Cef (3.3.28)
      Aardvark.Application (>= 3.2.5)
      Aardvark.Base (>= 3.0.28 < 3.1)
      Aardvark.Base.FSharp (>= 3.0.28 < 3.1)
      Aardvark.Base.Incremental (>= 3.0.28 < 3.1)
      Aardvark.Base.Rendering (>= 3.2.1 < 3.3)
      Aardvark.SceneGraph (>= 3.2.1 < 3.3)
      Another.Unofficial.Xilium.CefGlue (>= 0.0.12 < 0.1)
      Another.Unofficial.Xilium.CefGlue.UnpackNativeDependencies (>= 0.0.12 < 0.1)
      FsPickler (>= 3.3 < 3.4)
      FsPickler.Json (>= 3.3 < 3.4)
    Aardvark.Cef.WinForms (3.3.28)
      Aardvark.Application.WinForms.GL (>= 3.2.1 < 3.3)
      Aardvark.Base (>= 3.0.28 < 3.1)
      Aardvark.Base.FSharp (>= 3.0.28 < 3.1)
      Aardvark.Base.Incremental (>= 3.0.28 < 3.1)
      Aardvark.Base.Rendering (>= 3.2.1 < 3.3)
      Aardvark.Cef (>= 3.3.28)
      Aardvark.SceneGraph (>= 3.2.1 < 3.3)
      Another.Unofficial.Xilium.CefGlue (>= 0.0.12 < 0.1)
      Another.Unofficial.Xilium.CefGlue.UnpackNativeDependencies (>= 0.0.12 < 0.1)
      Another.Unofficial.Xilium.CefGlue.WindowsForms (>= 0.0.12 < 0.1)
      FsPickler (>= 3.3 < 3.4)
      FsPickler.Json (>= 3.3 < 3.4)
    Aardvark.Compiler.DomainTypes (0.2.5)
      Aardvark.Base.Incremental (>= 3.0.15 < 3.1)
    Aardvark.Compiler.DomainTypes.MSBuild (0.2.5)
      Aardvark.Compiler.DomainTypes (0.2.5)
    Aardvark.Rendering.GL (3.2.5)
      Aardvark.Base.Incremental (>= 3.0.20 < 3.1)
      Aardvark.Base.Rendering (>= 3.2.5)
      Aardvark.Base.Runtime (>= 3.0.20 < 3.1)
      FShade (>= 3.2.1 < 3.3)
      FSharp.Quotations.Evaluator (>= 1.0.6 < 1.1)
    Aardvark.Rendering.NanoVg (3.2.5)
      Aardvark.Base.Incremental (>= 3.0.20 < 3.1)
      Aardvark.Base.Rendering (>= 3.2.5)
      Aardvark.Base.Runtime (>= 3.0.20 < 3.1)
      Aardvark.Rendering.GL (>= 3.2.5)
      FShade.Core (>= 3.2.1 < 3.3)
      FSharp.Quotations.Evaluator (>= 1.0.6 < 1.1)
      NanoVgSharp (>= 2.1 < 2.2)
    Aardvark.Rendering.Text (3.2.5)
      Aardvark.Base.Incremental (>= 3.0.20 < 3.1)
      Aardvark.Base.Rendering (>= 3.2.5)
      Aardvark.SceneGraph (>= 3.2.5)
      CommonMark.NET (>= 0.12 < 0.13)
      FShade.Core (>= 3.2.1 < 3.3)
      Unofficial.LibTessDotNet (>= 1.0 < 1.1)
    Aardvark.SceneGraph (3.2.5)
      Aardvark.Base.Incremental (>= 3.0.20 < 3.1)
      Aardvark.Base.Rendering (>= 3.2.5)
      FShade.Core (>= 3.2.1 < 3.3)
    Aardvark.SceneGraph.IO (3.2.5)
      Aardvark.Base.Incremental (>= 3.0.20 < 3.1)
      Aardvark.Base.Rendering (>= 3.2.5)
      Aardvark.SceneGraph (>= 3.2.5)
      AssimpNet (>= 3.3.1 < 3.4)
      FShade.Core (>= 3.2.1 < 3.3)
    Aardvark.Service (3.3.28)
      Aardvark.Application (>= 3.2.5)
      Aardvark.Base (>= 3.0.28 < 3.1)
      Aardvark.Base.FSharp (>= 3.0.28 < 3.1)
      Aardvark.Base.Incremental (>= 3.0.28 < 3.1)
      Aardvark.Base.Rendering (>= 3.2.1 < 3.3)
      Aardvark.Rendering.GL (>= 3.2.5)
      FsPickler (>= 3.3 < 3.4)
      FsPickler.Json (>= 3.3 < 3.4)
      Suave (>= 2.0.2 < 2.1)
    Aardvark.UI (3.3.28)
      Aardvark.Application (>= 3.2.5)
      Aardvark.Base (>= 3.0.28 < 3.1)
      Aardvark.Base.FSharp (>= 3.0.28 < 3.1)
      Aardvark.Base.Incremental (>= 3.0.28 < 3.1)
      Aardvark.Base.Rendering (>= 3.2.1 < 3.3)
      Aardvark.Compiler.DomainTypes (>= 0.2.4 < 0.3)
      Aardvark.Rendering.GL (>= 3.2.5)
      Aardvark.SceneGraph (>= 3.2.1 < 3.3)
      Aardvark.Service (>= 3.3.28)
      FsPickler (>= 3.3 < 3.4)
      FsPickler.Json (>= 3.3 < 3.4)
      Suave (>= 2.0.2 < 2.1)
    Aardvark.UI.Primitives (3.3.28)
      Aardvark.Application (>= 3.2.5)
      Aardvark.Base (>= 3.0.28 < 3.1)
      Aardvark.Base.FSharp (>= 3.0.28 < 3.1)
      Aardvark.Base.Incremental (>= 3.0.28 < 3.1)
      Aardvark.Base.Rendering (>= 3.2.1 < 3.3)
      Aardvark.Compiler.DomainTypes.MSBuild (>= 0.2.4 < 0.3)
      Aardvark.SceneGraph (>= 3.2.1 < 3.3)
      Aardvark.Service (>= 3.3.28)
      Aardvark.UI (>= 3.3.28)
    FShade (3.2.3)
      FShade.Core (3.2.3)
      FShade.GLSL (3.2.3)
      FShade.Imperative (3.2.3)
      FShade.SpirV (3.2.3)
    FShade.Core (3.2.3)
      Aardvark.Base (>= 3.0.16 < 3.1)
      Aardvark.Base.FSharp (>= 3.0.16 < 3.1)
      FShade.Imperative (>= 3.2.3)
    FShade.GLSL (3.2.3)
      Aardvark.Base (>= 3.0.16 < 3.1)
      Aardvark.Base.FSharp (>= 3.0.16 < 3.1)
      FShade.Core (>= 3.2.3)
      FShade.Imperative (>= 3.2.3)
    FShade.Imperative (3.2.3)
      Aardvark.Base (>= 3.0.16 < 3.1)
      Aardvark.Base.FSharp (>= 3.0.16 < 3.1)
    FShade.SpirV (3.2.3)
      Aardvark.Base (>= 3.0.16 < 3.1)
      Aardvark.Base.FSharp (>= 3.0.16 < 3.1)
      FShade.Core (>= 3.2.3)
      FShade.Imperative (>= 3.2.3)
    NanoVgSharp (2.1.0)
      Aardvark.Base (>= 2.1)
      Aardvark.Base.FSharp (>= 2.1)
      Aardvark.Base.Incremental (>= 2.1)
    Unofficial.LibTessDotNet (1.0.2)
  remote: https://api.nuget.org/v3/index.json
    Aardvark.Base (3.0.39)
      DevILSharp (>= 0.1.1 < 0.2)
    Aardvark.Base.FSharp (3.0.39)
      Aardvark.Base (>= 3.0.39)
      DevILSharp (>= 0.1.1 < 0.2)
      FSharp.Core (>= 4.0 < 4.1)
    Aardvark.Base.IO (3.0.39)
      Aardvark.Base (>= 3.0.39)
      DevILSharp (>= 0.1.1 < 0.2)
    Another.Unofficial.Xilium.CefGlue (0.0.12)
    Another.Unofficial.Xilium.CefGlue.UnpackNativeDependencies (0.0.12)
      SharpZipLib (>= 0.86 < 0.87)
    Another.Unofficial.Xilium.CefGlue.WindowsForms (0.0.12)
      Another.Unofficial.Xilium.CefGlue (0.0.12)
    AssimpNet (3.3.2)
    CommonMark.NET (0.12)
    DevILSharp (0.1.2)
      FSharp.Core (>= 4.0 < 4.1)
    FSharp.Core (4.0.0.1)
    FSharp.Quotations.Evaluator (1.0.7)
    FsPickler (3.3)
    FsPickler.Json (3.3)
      FsPickler (3.3)
      Newtonsoft.Json (>= 6.0.5)
    Microsoft.NETCore.Platforms (2.0)
    NETStandard.Library (2.0)
      Microsoft.NETCore.Platforms (>= 1.1)
      System.Runtime.InteropServices.RuntimeInformation (>= 4.3)
    Newtonsoft.Json (10.0.3)
    SharpZipLib (0.86)
    Suave (2.0.5)
      FSharp.Core (>= 4.0.0.1)
    System.Collections.Immutable (1.4)
      NETStandard.Library (>= 1.6.1)
    System.Reactive.Core (3.0)
      System.Reactive.Interfaces (>= 3.0)
    System.Reactive.Interfaces (3.0)
    System.Reactive.Linq (3.0)
      System.Reactive.Core (>= 3.0)
      System.Reactive.Interfaces (>= 3.0)
    System.Runtime.InteropServices.RuntimeInformation (4.3)
  remote: https://vrvis.myget.org/F/aardvark/api/v3/index.json
    Aardvark.Data.Photometry (3.1.11)
      Aardvark.Base (>= 3.0.39 < 3.1)
      Aardvark.Base.IO (>= 3.0.39 < 3.1)

GROUP Build
CONTENT: NONE
RESTRICTION: == net45
NUGET
  remote: https://api.nuget.org/v3/index.json
    Chessie (0.6) - content: none
      FSharp.Core
    FAKE (4.52) - content: none
    FSharp.Core (4.2.2) - content: none
    Mono.Cecil (0.10.0-beta6) - content: none
    SourceLink.Fake (1.1) - content: none
GITHUB
  remote: vrvis/Aardvark.Fake
    FULLPROJECT (8f81d75291e08657ef1b2bea451be9478e79348a)
      Chessie (>= 0.6 < 0.7)
      FAKE (>= 4.52 < 4.53)
      Mono.Cecil (>= 0.10.0-beta6 < 0.11)
      SourceLink.Fake (>= 1.1 < 1.2)