RESTRICTION: == net471
NUGET
  remote: https://api.nuget.org/v3/index.json
    Aardvark.Application (4.6.5)
      Aardvark.Base.Essentials (>= 4.3.5 < 4.4)
      Aardvark.Base.Incremental (>= 4.3.5 < 4.4)
      Aardvark.Base.Rendering (4.6.5)
      FShade.Core (>= 4.3.1 < 4.4)
      FSharp.Core (>= 4.3 < 4.4)
    Aardvark.Application.WinForms (4.6.5)
      Aardvark.Application (4.6.5)
      Aardvark.Base.Essentials (>= 4.3.5 < 4.4)
      Aardvark.Base.Incremental (>= 4.3.5 < 4.4)
      Aardvark.Base.Rendering (4.6.5)
      FShade.Core (>= 4.3.1 < 4.4)
      FSharp.Core (>= 4.3 < 4.4)
    Aardvark.Application.WinForms.GL (4.6.5)
      Aardvark.Application (4.6.5)
      Aardvark.Application.WinForms (4.6.5)
      Aardvark.Base.Essentials (>= 4.3.5 < 4.4)
      Aardvark.Base.Incremental (>= 4.3.5 < 4.4)
      Aardvark.Base.Rendering (4.6.5)
      Aardvark.Base.Runtime (>= 4.3.5 < 4.4)
      Aardvark.Rendering.GL (4.6.5)
      FShade.Core (>= 4.3.1 < 4.4)
      FShade.GLSL (>= 4.3.1)
      FSharp.Core (>= 4.3 < 4.4)
      Unofficial.OpenTK (>= 3.0.16 < 3.1)
      Unofficial.OpenTK.GLControl (>= 3.0.16 < 3.1)
    Aardvark.Base (4.3.8)
      Aardvark.Base.Telemetry (4.3.8)
      DevILSharp (>= 0.2.4 < 0.3)
      System.Collections.Immutable (>= 1.4)
    Aardvark.Base.Essentials (4.3.8)
      Aardvark.Base (4.3.8)
      DevILSharp (>= 0.2.4 < 0.3)
      System.Collections.Immutable (>= 1.4)
      System.Reactive (>= 4.0.0-preview00001 < 4.1.0-preview)
    Aardvark.Base.FSharp (4.3.8)
      Aardvark.Base (4.3.8)
      Aardvark.Base.TypeProviders (4.3.8)
      DevILSharp (>= 0.2.4 < 0.3)
      FSharp.Core (>= 4.3 < 4.4)
      FsPickler (>= 5.2 < 5.3)
      System.Dynamic.Runtime (>= 4.3 < 4.4)
    Aardvark.Base.Incremental (4.3.8)
      Aardvark.Base (4.3.8)
      Aardvark.Base.FSharp (4.3.8)
      Aardvark.Base.TypeProviders (4.3.8)
      DevILSharp (>= 0.2.4 < 0.3)
      FSharp.Core (>= 4.3 < 4.4)
      FsPickler (>= 5.2 < 5.3)
    Aardvark.Base.IO (4.3.8)
      Aardvark.Base (4.3.8)
      DevILSharp (>= 0.2.4 < 0.3)
      System.Dynamic.Runtime (>= 4.3 < 4.4)
    Aardvark.Base.Rendering (4.6.5)
      Aardvark.Base.Essentials (>= 4.3.5 < 4.4)
      Aardvark.Base.Incremental (>= 4.3.5 < 4.4)
      FShade.Core (>= 4.3.1 < 4.4)
      FSharp.Core (>= 4.3 < 4.4)
    Aardvark.Base.Runtime (4.3.8)
      Aardvark.Base.FSharp (4.3.8)
      Aardvark.Base.Incremental (4.3.8)
      Aardvark.Base.TypeProviders (4.3.8)
      DevILSharp (>= 0.2.4 < 0.3)
      FSharp.Core (>= 4.3 < 4.4)
      FsPickler (>= 5.2 < 5.3)
    Aardvark.Base.Telemetry (4.3.8)
    Aardvark.Base.TypeProviders (4.3.8)
      FSharp.Core (>= 4.3 < 4.4)
    Aardvark.Cef (4.4.8)
      Aardvark.Application (>= 4.6.1)
      Aardvark.Base (>= 4.3.1 < 4.4)
      Aardvark.Base.FSharp (>= 4.3.1 < 4.4)
      Aardvark.Base.Incremental (>= 4.3.1 < 4.4)
      Aardvark.Base.Rendering (>= 4.6.1 < 4.7)
      Aardvark.SceneGraph (>= 4.6.1 < 4.7)
      Another.Unofficial.Xilium.CefGlue (>= 0.2.2 < 0.3)
      Another.Unofficial.Xilium.CefGlue.UnpackNativeDependencies (>= 0.2.2 < 0.3)
      FSharp.Core (>= 4.3 < 4.4)
      FsPickler (>= 5.2 < 5.3)
      FsPickler.Json (>= 5.2 < 5.3)
    Aardvark.Cef.WinForms (4.4.8)
      Aardvark.Application.WinForms.GL (>= 4.6.1 < 4.7)
      Aardvark.Base (>= 4.3.1 < 4.4)
      Aardvark.Base.FSharp (>= 4.3.1 < 4.4)
      Aardvark.Base.Incremental (>= 4.3.1 < 4.4)
      Aardvark.Base.Rendering (>= 4.6.1 < 4.7)
      Aardvark.SceneGraph (>= 4.6.1 < 4.7)
      Another.Unofficial.Xilium.CefGlue (>= 0.2.2 < 0.3)
      Another.Unofficial.Xilium.CefGlue.UnpackNativeDependencies (>= 0.2.2 < 0.3)
      Another.Unofficial.Xilium.CefGlue.WindowsForms (>= 0.2.2 < 0.3)
      FSharp.Core (>= 4.3 < 4.4)
      FsPickler (>= 5.2 < 5.3)
      FsPickler.Json (>= 5.2 < 5.3)
    Aardvark.Compiler.DomainTypes (4.2.3)
      Aardvark.Base.Incremental (>= 4.3.1 < 4.4)
      FSharp.Core (>= 4.3 < 4.4)
    Aardvark.Compiler.DomainTypes.MSBuild (4.2.3)
      Aardvark.Compiler.DomainTypes (4.2.3)
    Aardvark.GPGPU (4.6.5)
      Aardvark.Base.Incremental (>= 4.3.5 < 4.4)
      Aardvark.Base.Rendering (4.6.5)
      FShade.Core (>= 4.3.1 < 4.4)
      FSharp.Core (>= 4.3 < 4.4)
    Aardvark.Rendering.GL (4.6.5)
      Aardvark.Base.Essentials (>= 4.3.5 < 4.4)
      Aardvark.Base.Incremental (>= 4.3.5 < 4.4)
      Aardvark.Base.Rendering (4.6.5)
      Aardvark.Base.Runtime (>= 4.3.5 < 4.4)
      FShade (>= 4.3.1 < 4.4)
      FSharp.Core (>= 4.3 < 4.4)
      Unofficial.OpenTK (>= 3.0.16 < 3.1)
    Aardvark.Rendering.Text (4.6.5)
      Aardvark.Base.Incremental (>= 4.3.5 < 4.4)
      Aardvark.Base.Rendering (4.6.5)
      Aardvark.SceneGraph (4.6.5)
      CommonMark.NET (>= 0.15.1 < 0.16)
      FShade.Core (>= 4.3.1 < 4.4)
      FSharp.Core (>= 4.3 < 4.4)
      Unofficial.LibTessDotNet (>= 2.0 < 2.1)
      Unofficial.Typography (>= 0.0.2 < 0.1)
    Aardvark.Rendering.Vulkan (4.6.5)
      Aardvark.Base.Incremental (>= 4.3.5 < 4.4)
      Aardvark.Base.Rendering (4.6.5)
      Aardvark.Base.Runtime (>= 4.3.5 < 4.4)
      FShade (>= 4.3.1 < 4.4)
      FSharp.Core (>= 4.3 < 4.4)
      GLSLangSharp (>= 0.4.1 < 0.5)
    Aardvark.SceneGraph (4.6.5)
      Aardvark.Base.Incremental (>= 4.3.5 < 4.4)
      Aardvark.Base.Rendering (4.6.5)
      FShade.Core (>= 4.3.1 < 4.4)
      FSharp.Core (>= 4.3 < 4.4)
    Aardvark.SceneGraph.IO (4.6.5)
      Aardvark.Base.Incremental (>= 4.3.5 < 4.4)
      Aardvark.Base.Rendering (4.6.5)
      Aardvark.SceneGraph (4.6.5)
      FShade.Core (>= 4.3.1 < 4.4)
      FSharp.Core (>= 4.3 < 4.4)
      Unofficial.AssimpNet (>= 4.0.1 < 4.1)
    Aardvark.Service (4.4.8)
      Aardvark.Application (>= 4.6.1)
      Aardvark.Base (>= 4.3.1 < 4.4)
      Aardvark.Base.FSharp (>= 4.3.1 < 4.4)
      Aardvark.Base.Incremental (>= 4.3.1 < 4.4)
      Aardvark.Base.Rendering (>= 4.6.1 < 4.7)
      Aardvark.GPGPU (>= 4.6.1 < 4.7)
      Aardvark.Rendering.GL (>= 4.6.1)
      Aardvark.Rendering.Vulkan (>= 4.6.1 < 4.7)
      FSharp.Core (>= 4.3 < 4.4)
      FsPickler (>= 5.2 < 5.3)
      FsPickler.Json (>= 5.2 < 5.3)
      Suave (>= 2.2.1 < 2.3)
    Aardvark.UI (4.4.8)
      Aardvark.Application (>= 4.6.1)
      Aardvark.Base (>= 4.3.1 < 4.4)
      Aardvark.Base.FSharp (>= 4.3.1 < 4.4)
      Aardvark.Base.Incremental (>= 4.3.1 < 4.4)
      Aardvark.Base.Rendering (>= 4.6.1 < 4.7)
      Aardvark.Compiler.DomainTypes (>= 4.2.2 < 4.3)
      Aardvark.GPGPU (>= 4.6.1 < 4.7)
      Aardvark.Rendering.GL (>= 4.6.1)
      Aardvark.Rendering.Vulkan (>= 4.6.1 < 4.7)
      Aardvark.SceneGraph (>= 4.6.1 < 4.7)
      Aardvark.Service (4.4.8)
      FSharp.Core (>= 4.3 < 4.4)
      FsPickler (>= 5.2 < 5.3)
      FsPickler.Json (>= 5.2 < 5.3)
      Suave (>= 2.2.1 < 2.3)
    Aardvark.UI.Primitives (4.4.8)
      Aardvark.Application (>= 4.6.1)
      Aardvark.Base (>= 4.3.1 < 4.4)
      Aardvark.Base.FSharp (>= 4.3.1 < 4.4)
      Aardvark.Base.Incremental (>= 4.3.1 < 4.4)
      Aardvark.Base.Rendering (>= 4.6.1 < 4.7)
      Aardvark.Compiler.DomainTypes.MSBuild (>= 4.2.2 < 4.3)
      Aardvark.SceneGraph (>= 4.6.1 < 4.7)
      Aardvark.Service (4.4.8)
      Aardvark.UI (4.4.8)
      FSharp.Core (>= 4.3 < 4.4)
      FsPickler (>= 5.2 < 5.3)
      FsPickler.Json (>= 5.2 < 5.3)
    Another.Unofficial.Xilium.CefGlue (0.2.2)
    Another.Unofficial.Xilium.CefGlue.UnpackNativeDependencies (0.2.2)
      SharpZipLib (>= 0.86 < 0.87)
    Another.Unofficial.Xilium.CefGlue.WindowsForms (0.2.2)
      Another.Unofficial.Xilium.CefGlue (0.2.2)
    CommonMark.NET (0.15.1)
    FShade (4.3.2)
      FShade.Core (4.3.2)
      FShade.GLSL (4.3.2)
      FShade.Imperative (4.3.2)
      FShade.SpirV (4.3.2)
    FShade.Core (4.3.2)
      Aardvark.Base (>= 4.3.4 < 4.4)
      Aardvark.Base.FSharp (>= 4.3.4 < 4.4)
      FShade.Imperative (4.3.2)
      FSharp.Core (>= 4.3 < 4.4)
    FShade.Debug (4.3.2)
      Aardvark.Base (>= 4.3.4 < 4.4)
      Aardvark.Base.FSharp (>= 4.3.4 < 4.4)
      Aardvark.Base.Incremental (>= 4.3.4 < 4.4)
      FShade.Core (4.3.2)
      FShade.Imperative (4.3.2)
      FSharp.Compiler.Service (>= 22.0.3 < 22.1)
      FSharp.Core (>= 4.3 < 4.4)
    FShade.GLSL (4.3.2)
      Aardvark.Base (>= 4.3.4 < 4.4)
      Aardvark.Base.FSharp (>= 4.3.4 < 4.4)
      FShade.Core (4.3.2)
      FShade.Imperative (4.3.2)
      FSharp.Core (>= 4.3 < 4.4)
    FShade.Imperative (4.3.2)
      Aardvark.Base (>= 4.3.4 < 4.4)
      Aardvark.Base.FSharp (>= 4.3.4 < 4.4)
      FSharp.Core (>= 4.3 < 4.4)
      FsPickler (>= 5.2 < 5.3)
    FShade.SpirV (4.3.2)
      Aardvark.Base (>= 4.3.4 < 4.4)
      Aardvark.Base.FSharp (>= 4.3.4 < 4.4)
      FShade.Core (4.3.2)
      FShade.Imperative (4.3.2)
      FSharp.Core (>= 4.3 < 4.4)
    FSharp.Compiler.Service (22.0.3)
      FSharp.Core (>= 4.1.18)
      Microsoft.DiaSymReader (>= 1.1)
      Microsoft.DiaSymReader.PortablePdb (>= 1.2)
      System.Collections.Immutable (>= 1.3.1)
      System.Reflection.Metadata (>= 1.4.2)
      System.ValueTuple (>= 4.4)
    FSharp.Core (4.3.4)
    FsPickler (5.2)
      FSharp.Core (>= 3.1.2)
    FsPickler.Json (5.2)
      FSharp.Core (>= 3.1.2)
      Newtonsoft.Json (>= 6.0.5)
    FsUnit (3.1)
      FSharp.Core (>= 4.2.3)
      NUnit (>= 3.9 < 4.0)
    GLSLangSharp (0.4.3)
      Aardvark.Base (>= 4.0.20)
      Aardvark.Base.FSharp (>= 4.0.20)
      FSharp.Core (>= 4.3)
    Microsoft.DiaSymReader (1.2)
      Microsoft.Net.Compilers (>= 2.3)
    Microsoft.DiaSymReader.PortablePdb (1.4)
      Microsoft.DiaSymReader (>= 1.2)
      System.Collections (>= 4.3)
      System.Collections.Immutable (>= 1.3.1)
      System.Diagnostics.Debug (>= 4.3)
      System.Globalization (>= 4.3)
      System.IO (>= 4.3)
      System.Linq (>= 4.3)
      System.Reflection (>= 4.3)
      System.Reflection.Metadata (>= 1.4.2)
      System.Reflection.Primitives (>= 4.3)
      System.Runtime (>= 4.3)
      System.Runtime.Extensions (>= 4.3)
      System.Runtime.InteropServices (>= 4.3)
      System.Text.Encoding (>= 4.3)
      System.Threading (>= 4.3)
    Microsoft.Net.Compilers (2.8.2)
    Microsoft.NETCore.Platforms (2.1)
    NETStandard.Library (2.0.3)
      Microsoft.NETCore.Platforms (>= 1.1)
    Newtonsoft.Json (11.0.2)
    NUnit (3.10.1)
    NUnit3TestAdapter (3.10)
    SharpZipLib (0.86)
    Suave (2.2.1)
      FSharp.Core (>= 4.1.17)
      NETStandard.Library (>= 1.6.1)
      System.Data.Common (>= 4.1)
      System.Diagnostics.Process (>= 4.1)
      System.Globalization.Extensions (>= 4.3)
      System.Net.Security (>= 4.0)
      System.Runtime.Serialization.Json (>= 4.0.2)
      System.Security.Claims (>= 4.0.1)
      System.Security.Cryptography.Primitives (>= 4.3)
    System.Collections (4.3)
    System.Collections.Immutable (1.5)
    System.Data.Common (4.3)
    System.Diagnostics.Debug (4.3)
    System.Diagnostics.Process (4.3)
    System.Dynamic.Runtime (4.3)
    System.Globalization (4.3)
    System.Globalization.Extensions (4.3)
    System.IO (4.3)
    System.Linq (4.3)
    System.Net.Security (4.3.2)
      System.Security.Cryptography.X509Certificates (>= 4.3)
    System.Reactive (4.0)
    System.Reflection (4.3)
    System.Reflection.Metadata (1.6)
      System.Collections.Immutable (>= 1.5)
    System.Reflection.Primitives (4.3)
    System.Runtime (4.3)
    System.Runtime.Extensions (4.3)
    System.Runtime.InteropServices (4.3)
      System.Runtime (>= 4.3)
    System.Runtime.Serialization.Json (4.3)
    System.Security.Claims (4.3)
    System.Security.Cryptography.Algorithms (4.3.1)
      System.IO (>= 4.3)
      System.Runtime (>= 4.3)
      System.Security.Cryptography.Encoding (>= 4.3)
      System.Security.Cryptography.Primitives (>= 4.3)
    System.Security.Cryptography.Encoding (4.3)
    System.Security.Cryptography.Primitives (4.3)
    System.Security.Cryptography.X509Certificates (4.3.2)
      System.Security.Cryptography.Algorithms (>= 4.3)
      System.Security.Cryptography.Encoding (>= 4.3)
    System.Text.Encoding (4.3)
    System.Threading (4.3)
    System.ValueTuple (4.5)
    Unofficial.Typography (0.0.2)
  remote: https://vrvis.myget.org/F/aardvark/api/v3/index.json
    Aardvark.Data.Photometry (4.5.6)
      Aardvark.Base (>= 4.3 < 4.4)
      Aardvark.Base.IO (>= 4.3 < 4.4)
  remote: https://vrvis.myget.org/F/aardvark_public/api/v3/index.json
    DevILSharp (0.2.4)
      FSharp.Core (>= 4.3 < 4.4)
    Unofficial.AssimpNet (4.0.1)
    Unofficial.LibTessDotNet (2.0.0)
    Unofficial.OpenTK (3.0.16)
    Unofficial.OpenTK.GLControl (3.0.16)
      Unofficial.OpenTK (3.0.16)

GROUP Build
CONTENT: NONE
RESTRICTION: == net471
NUGET
  remote: https://api.nuget.org/v3/index.json
    FAKE (4.63.2)
    Mono.Cecil (0.10)
    SourceLink.Fake (1.1)
GITHUB
  remote: aardvark-platform/aardvark.fake
    FULLPROJECT (9d14226e198e89271a78d82ed981469f3d12bbaf)
      FAKE (>= 4.63 < 4.64)
      Mono.Cecil (>= 0.10.0-beta6 < 0.11)
      SourceLink.Fake (>= 1.1 < 1.2)