RESTRICTION: == net45
NUGET
  remote: https://vrvis.myget.org/F/aardvark_public/api/v3/index.json
    Aardvark.Application (3.6.13)
      Aardvark.Base.Incremental (>= 3.0.54 < 3.1)
      Aardvark.Base.Rendering (3.6.13)
      FShade.Core (>= 3.3.23 < 3.4)
      FSharp.Core (>= 4.0 < 4.1)
    Aardvark.Application.WinForms (3.6.13)
      Aardvark.Application (3.6.13)
      Aardvark.Base.Incremental (>= 3.0.54 < 3.1)
      Aardvark.Base.Rendering (3.6.13)
      FShade.Core (>= 3.3.23 < 3.4)
      FSharp.Core (>= 4.0 < 4.1)
    Aardvark.Application.WinForms.GL (3.6.13)
      Aardvark.Application (3.6.13)
      Aardvark.Application.WinForms (3.6.13)
      Aardvark.Base.Incremental (>= 3.0.54 < 3.1)
      Aardvark.Base.Rendering (3.6.13)
      Aardvark.Base.Runtime (>= 3.0.54 < 3.1)
      Aardvark.Rendering.GL (3.6.13)
      FShade.Core (>= 3.3.23 < 3.4)
      FSharp.Core (>= 4.0 < 4.1)
    Aardvark.Base (3.0.56)
      DevILSharp (>= 0.1.1 < 0.2)
    Aardvark.Base.Essentials (3.0.56)
      Aardvark.Base (3.0.56)
      DevILSharp (>= 0.1.1 < 0.2)
      System.Collections.Immutable (>= 1.2)
      System.Reactive.Linq (>= 3.0 < 3.1)
    Aardvark.Base.FSharp (3.0.56)
      Aardvark.Base (3.0.56)
      DevILSharp (>= 0.1.1 < 0.2)
      FSharp.Core (>= 4.0 < 4.1)
    Aardvark.Base.Incremental (3.0.56)
      Aardvark.Base (3.0.56)
      Aardvark.Base.Essentials (3.0.56)
      Aardvark.Base.FSharp (3.0.56)
      DevILSharp (>= 0.1.1 < 0.2)
      FSharp.Core (>= 4.0 < 4.1)
      System.Reactive.Core (>= 3.0 < 3.1)
      System.Reactive.Interfaces (>= 3.0 < 3.1)
      System.Reactive.Linq (>= 3.0 < 3.1)
    Aardvark.Base.IO (3.0.49)
      Aardvark.Base (>= 3.0.49)
      DevILSharp (>= 0.1.1 < 0.2)
    Aardvark.Base.Rendering (3.6.13)
      Aardvark.Base.Incremental (>= 3.0.54 < 3.1)
      FShade.Core (>= 3.3.23 < 3.4)
      FSharp.Core (>= 4.0 < 4.1)
    Aardvark.Base.Runtime (3.0.56)
      Aardvark.Base (3.0.56)
      Aardvark.Base.Essentials (3.0.56)
      Aardvark.Base.FSharp (3.0.56)
      Aardvark.Base.Incremental (3.0.56)
      DevILSharp (>= 0.1.1 < 0.2)
      FSharp.Core (>= 4.0 < 4.1)
      System.Reactive.Core (>= 3.0 < 3.1)
      System.Reactive.Interfaces (>= 3.0 < 3.1)
      System.Reactive.Linq (>= 3.0 < 3.1)
    Aardvark.Cef (3.4.2)
      Aardvark.Application (>= 3.6.11)
      Aardvark.Base (>= 3.0.54 < 3.1)
      Aardvark.Base.FSharp (>= 3.0.54 < 3.1)
      Aardvark.Base.Incremental (>= 3.0.54 < 3.1)
      Aardvark.Base.Rendering (>= 3.6.11 < 3.7)
      Aardvark.SceneGraph (>= 3.6.11 < 3.7)
      Another.Unofficial.Xilium.CefGlue (>= 0.1 < 0.2)
      Another.Unofficial.Xilium.CefGlue.UnpackNativeDependencies (>= 0.1 < 0.2)
      FSharp.Core (>= 4.0 < 4.1)
      FsPickler (>= 4.0 < 4.1)
      FsPickler.Json (>= 4.0 < 4.1)
    Aardvark.Cef.WinForms (3.4.2)
      Aardvark.Application.WinForms.GL (>= 3.6.11 < 3.7)
      Aardvark.Base (>= 3.0.54 < 3.1)
      Aardvark.Base.FSharp (>= 3.0.54 < 3.1)
      Aardvark.Base.Incremental (>= 3.0.54 < 3.1)
      Aardvark.Base.Rendering (>= 3.6.11 < 3.7)
      Aardvark.SceneGraph (>= 3.6.11 < 3.7)
      Another.Unofficial.Xilium.CefGlue (>= 0.1 < 0.2)
      Another.Unofficial.Xilium.CefGlue.UnpackNativeDependencies (>= 0.1 < 0.2)
      Another.Unofficial.Xilium.CefGlue.WindowsForms (>= 0.1 < 0.2)
      FSharp.Core (>= 4.0 < 4.1)
      FsPickler (>= 4.0 < 4.1)
      FsPickler.Json (>= 4.0 < 4.1)
    Aardvark.Compiler.DomainTypes (0.2.11)
      Aardvark.Base.Incremental (>= 3.0.48 < 3.1)
      FSharp.Core (>= 4.0 < 4.1)
    Aardvark.Compiler.DomainTypes.MSBuild (0.2.11)
      Aardvark.Compiler.DomainTypes (0.2.11)
    Aardvark.GPGPU (3.6.13)
      Aardvark.Base.Incremental (>= 3.0.54 < 3.1)
      Aardvark.Base.Rendering (3.6.13)
      FShade.Core (>= 3.3.23 < 3.4)
      FSharp.Core (>= 4.0 < 4.1)
    Aardvark.Rendering.GL (3.6.13)
      Aardvark.Base.Incremental (>= 3.0.54 < 3.1)
      Aardvark.Base.Rendering (3.6.13)
      Aardvark.Base.Runtime (>= 3.0.54 < 3.1)
      FShade (>= 3.3.23 < 3.4)
      FSharp.Core (>= 4.0 < 4.1)
      FSharp.Quotations.Evaluator (>= 1.0.6 < 1.1)
    Aardvark.Rendering.NanoVg (3.6.13)
      Aardvark.Base.Incremental (>= 3.0.54 < 3.1)
      Aardvark.Base.Rendering (3.6.13)
      Aardvark.Base.Runtime (>= 3.0.54 < 3.1)
      Aardvark.Rendering.GL (3.6.13)
      FShade.Core (>= 3.3.23 < 3.4)
      FSharp.Core (>= 4.0 < 4.1)
      FSharp.Quotations.Evaluator (>= 1.0.6 < 1.1)
      NanoVgSharp (>= 2.1 < 2.2)
    Aardvark.Rendering.Text (3.6.13)
      Aardvark.Base.Incremental (>= 3.0.54 < 3.1)
      Aardvark.Base.Rendering (3.6.13)
      Aardvark.SceneGraph (3.6.13)
      CommonMark.NET (>= 0.12 < 0.13)
      FShade.Core (>= 3.3.23 < 3.4)
      FSharp.Core (>= 4.0 < 4.1)
      Unofficial.LibTessDotNet (>= 1.0 < 1.1)
    Aardvark.Rendering.Vulkan (3.6.13)
      Aardvark.Base.Incremental (>= 3.0.54 < 3.1)
      Aardvark.Base.Rendering (3.6.13)
      Aardvark.Base.Runtime (>= 3.0.54 < 3.1)
      FShade (>= 3.3.23 < 3.4)
      FSharp.Core (>= 4.0 < 4.1)
      FSharp.Quotations.Evaluator (>= 1.0.6 < 1.1)
      GLSLangSharp (>= 0.3.9 < 0.4)
    Aardvark.SceneGraph (3.6.13)
      Aardvark.Base.Incremental (>= 3.0.54 < 3.1)
      Aardvark.Base.Rendering (3.6.13)
      FShade.Core (>= 3.3.23 < 3.4)
      FSharp.Core (>= 4.0 < 4.1)
    Aardvark.SceneGraph.IO (3.6.13)
      Aardvark.Base.Incremental (>= 3.0.54 < 3.1)
      Aardvark.Base.Rendering (3.6.13)
      Aardvark.SceneGraph (3.6.13)
      FShade.Core (>= 3.3.23 < 3.4)
      FSharp.Core (>= 4.0 < 4.1)
      Unofficial.AssimpNet (>= 3.3.3 < 3.4)
    Aardvark.Service (3.4.2)
      Aardvark.Application (>= 3.6.11)
      Aardvark.Base (>= 3.0.54 < 3.1)
      Aardvark.Base.FSharp (>= 3.0.54 < 3.1)
      Aardvark.Base.Incremental (>= 3.0.54 < 3.1)
      Aardvark.Base.Rendering (>= 3.6.11 < 3.7)
      Aardvark.GPGPU (>= 3.6.11 < 3.7)
      Aardvark.Rendering.GL (>= 3.6.11)
      Aardvark.Rendering.Vulkan (>= 3.6.11 < 3.7)
      FSharp.Core (>= 4.0 < 4.1)
      FsPickler (>= 4.0 < 4.1)
      FsPickler.Json (>= 4.0 < 4.1)
      Suave (>= 2.0.2 < 2.1)
    Aardvark.UI (3.4.2)
      Aardvark.Application (>= 3.6.11)
      Aardvark.Base (>= 3.0.54 < 3.1)
      Aardvark.Base.FSharp (>= 3.0.54 < 3.1)
      Aardvark.Base.Incremental (>= 3.0.54 < 3.1)
      Aardvark.Base.Rendering (>= 3.6.11 < 3.7)
      Aardvark.Compiler.DomainTypes (>= 0.2.11 < 0.3)
      Aardvark.GPGPU (>= 3.6.11 < 3.7)
      Aardvark.Rendering.GL (>= 3.6.11)
      Aardvark.Rendering.Vulkan (>= 3.6.11 < 3.7)
      Aardvark.SceneGraph (>= 3.6.11 < 3.7)
      Aardvark.Service (3.4.2)
      FSharp.Core (>= 4.0 < 4.1)
      FsPickler (>= 4.0 < 4.1)
      FsPickler.Json (>= 4.0 < 4.1)
      Suave (>= 2.0.2 < 2.1)
    Aardvark.UI.Primitives (3.4.2)
      Aardvark.Application (>= 3.6.11)
      Aardvark.Base (>= 3.0.54 < 3.1)
      Aardvark.Base.FSharp (>= 3.0.54 < 3.1)
      Aardvark.Base.Incremental (>= 3.0.54 < 3.1)
      Aardvark.Base.Rendering (>= 3.6.11 < 3.7)
      Aardvark.Compiler.DomainTypes.MSBuild (>= 0.2.11 < 0.3)
      Aardvark.SceneGraph (>= 3.6.11 < 3.7)
      Aardvark.Service (3.4.2)
      Aardvark.UI (3.4.2)
      FSharp.Core (>= 4.0 < 4.1)
      FsPickler (>= 4.0 < 4.1)
      FsPickler.Json (>= 4.0 < 4.1)
    Another.Unofficial.Xilium.CefGlue (0.1.0)
    Another.Unofficial.Xilium.CefGlue.UnpackNativeDependencies (0.1.0)
      SharpZipLib (>= 0.86 < 0.87)
    Another.Unofficial.Xilium.CefGlue.WindowsForms (0.1.0)
      Another.Unofficial.Xilium.CefGlue (0.1)
    FShade (3.3.23)
      FShade.Core (3.3.23)
      FShade.GLSL (3.3.23)
      FShade.Imperative (3.3.23)
      FShade.SpirV (3.3.23)
    FShade.Core (3.3.23)
      Aardvark.Base (>= 3.0.48 < 3.1)
      Aardvark.Base.FSharp (>= 3.0.48 < 3.1)
      FShade.Imperative (>= 3.3.23)
      FSharp.Core (>= 4.0 < 4.1)
    FShade.Debug (3.3.23)
      Aardvark.Base (>= 3.0.48 < 3.1)
      Aardvark.Base.FSharp (>= 3.0.48 < 3.1)
      Aardvark.Base.Incremental (>= 3.0.48 < 3.1)
      FShade.Core (>= 3.3.23)
      FShade.GLSL (>= 3.3.23)
      FShade.Imperative (>= 3.3.23)
      FSharp.Compiler.Service (>= 9.0.1 < 9.1)
      FSharp.Core (>= 4.0 < 4.1)
    FShade.GLSL (3.3.23)
      Aardvark.Base (>= 3.0.48 < 3.1)
      Aardvark.Base.FSharp (>= 3.0.48 < 3.1)
      FShade.Core (>= 3.3.23)
      FShade.Imperative (>= 3.3.23)
      FSharp.Core (>= 4.0 < 4.1)
    FShade.Imperative (3.3.23)
      Aardvark.Base (>= 3.0.48 < 3.1)
      Aardvark.Base.FSharp (>= 3.0.48 < 3.1)
      FSharp.Core (>= 4.0 < 4.1)
      FsPickler (>= 4.0 < 4.1)
    FShade.SpirV (3.3.23)
      Aardvark.Base (>= 3.0.48 < 3.1)
      Aardvark.Base.FSharp (>= 3.0.48 < 3.1)
      FShade.Core (>= 3.3.23)
      FShade.Imperative (>= 3.3.23)
      FSharp.Core (>= 4.0 < 4.1)
    GLSLangSharp (0.3.9)
      Aardvark.Base (>= 3.0.35)
      Aardvark.Base.FSharp (>= 3.0.35)
      FSharp.Core (>= 4.0.0.1)
    Unofficial.AssimpNet (3.3.3)
    Unofficial.LibTessDotNet (1.0.2)
  remote: https://vrvis.myget.org/F/aardvark/api/v3/index.json
    Aardvark.Data.Photometry (3.1.14)
      Aardvark.Base (>= 3.0.48 < 3.1)
      Aardvark.Base.IO (>= 3.0.48 < 3.1)
  remote: https://api.nuget.org/v3/index.json
    CommonMark.NET (0.12)
    DevILSharp (0.1.2)
      FSharp.Core (>= 4.0 < 4.1)
    FSharp.Compiler.Service (9.0.1)
      System.Collections.Immutable (>= 1.2)
      System.Reflection.Metadata (>= 1.4.1-beta-24227-04)
    FSharp.Compiler.Tools (4.1.29)
    FSharp.Core (4.0.0.1)
    FSharp.Quotations.Evaluator (1.0.7)
    FsPickler (4.0.1)
      FSharp.Compiler.Tools
      FSharp.Core (>= 3.1)
    FsPickler.Json (4.0.1)
      FSharp.Compiler.Tools
      FSharp.Core (>= 3.1)
      FsPickler (4.0.1)
      Newtonsoft.Json (>= 6.0.5)
    Microsoft.NETCore.Platforms (2.0.1)
    NanoVgSharp (2.1)
      Aardvark.Base (>= 2.1)
      Aardvark.Base.FSharp (>= 2.1)
      Aardvark.Base.Incremental (>= 2.1)
    NETStandard.Library (2.0.1)
      Microsoft.NETCore.Platforms (>= 1.1)
      System.Runtime.InteropServices.RuntimeInformation (>= 4.3)
    Newtonsoft.Json (10.0.3)
    SharpZipLib (0.86)
    Suave (2.0.5)
      FSharp.Core (>= 4.0.0.1)
    System.Collections.Immutable (1.4)
      NETStandard.Library (>= 1.6.1)
    System.Reactive.Core (3.0)
      System.Reactive.Interfaces (>= 3.0)
    System.Reactive.Interfaces (3.0)
    System.Reactive.Linq (3.0)
      System.Reactive.Core (>= 3.0)
      System.Reactive.Interfaces (>= 3.0)
    System.Reflection.Metadata (1.5)
      NETStandard.Library (>= 1.6.1)
      System.Collections.Immutable (>= 1.4)
    System.Runtime.InteropServices.RuntimeInformation (4.3)

GROUP Build
CONTENT: NONE
RESTRICTION: == net45
NUGET
  remote: https://api.nuget.org/v3/index.json
    FAKE (4.63.2) - content: none
    Mono.Cecil (0.10.0-beta7) - content: none
    SourceLink.Fake (1.1) - content: none
GITHUB
  remote: vrvis/Aardvark.Fake
    FULLPROJECT (02934ce0408f1b142d08173c958a5501c36a8ff2)
      FAKE (>= 4.63 < 4.64)
      Mono.Cecil (>= 0.10.0-beta6 < 0.11)
      SourceLink.Fake (>= 1.1 < 1.2)